GEM
  remote: https://rubygems.org/
  specs:
    aws-sdk (2.2.28)
      aws-sdk-resources (= 2.2.28)
    aws-sdk-core (2.2.28)
      jmespath (~> 1.0)
    aws-sdk-resources (2.2.28)
      aws-sdk-core (= 2.2.28)
    eventmachine (1.0.9)
    ffi (1.9.10)
    jmespath (1.1.3)
    mail (2.6.3)
      mime-types (>= 1.16, < 3)
    mime-types (2.99.1)
    pi_piper (2.0.0)
      eventmachine (= 1.0.9)
      ffi

PLATFORMS
  ruby

DEPENDENCIES
  aws-sdk
  mail
  pi_piper

BUNDLED WITH
   1.11.2
